GEM
  specs:
    capybara (1.1.1)
      mime-types (>= 1.16)
      nokogiri (>= 1.3.3)
      rack (>= 1.0.0)
      rack-test (>= 0.5.4)
      selenium-webdriver (~> 2.0)
      xpath (~> 0.1.4)
    capybara-webkit (0.7.2)
      capybara (< 1.2, >= 1.0.0)
    childprocess (0.2.2)
      ffi (~> 1.0.6)
    diff-lcs (1.1.2)
    ffi (1.0.9)
    json_pure (1.5.3)
    mime-types (1.16)
    nokogiri (1.5.0)
    rack (1.2.4)
    rack-test (0.5.7)
      rack (>= 1.0)
    rspec (2.7.0)
      rspec-core (~> 2.7.0)
      rspec-expectations (~> 2.7.0)
      rspec-mocks (~> 2.7.0)
    rspec-core (2.7.0)
    rspec-expectations (2.7.0)
      diff-lcs (~> 1.1.2)
    rspec-mocks (2.7.0)
    rubyzip (0.9.4)
    selenium-webdriver (2.10.0)
      childprocess (>= 0.2.1)
      ffi (= 1.0.9)
      json_pure
      rubyzip
    xpath (0.1.4)
      nokogiri (~> 1.3)

PLATFORMS
  ruby

DEPENDENCIES
  capybara (= 1.1.1)
  capybara-webkit (= 0.7.2)
  rspec (~> 2.7.0)
